GEM
  remote: https://rubygems.org/
  specs:
    diff-lcs (1.6.2)
    dotenv (3.1.8)
    nokogiri (1.18.9-x86_64-darwin)
      racc (~> 1.4)
    racc (1.8.1)
    rexml (3.4.1)
    rspec (3.13.1)
      rspec-core (~> 3.13.0)
      rspec-expectations (~> 3.13.0)
      rspec-mocks (~> 3.13.0)
    rspec-core (3.13.5)
      rspec-support (~> 3.13.0)
    rspec-expectations (3.13.5)
      diff-lcs (>= 1.2.0, < 2.0)
      rspec-support (~> 3.13.0)
    rspec-mocks (3.13.5)
      diff-lcs (>= 1.2.0, < 2.0)
      rspec-support (~> 3.13.0)
    rspec-support (3.13.4)
    rubyzip (2.4.1)
    selenium-webdriver (4.10.0)
      rexml (~> 3.2, >= 3.2.5)
      rubyzip (>= 1.2.2, < 3.0)
      websocket (~> 1.0)
    webdrivers (5.3.1)
      nokogiri (~> 1.6)
      rubyzip (>= 1.3.0)
      selenium-webdriver (~> 4.0, < 4.11)
    websocket (1.2.11)

PLATFORMS
  x86_64-darwin-24

DEPENDENCIES
  dotenv
  rspec
  selenium-webdriver (~> 4.10.0)
  webdrivers (~> 5.3)

BUNDLED WITH
   2.7.1
